GEM
  remote: https://rubygems.org/
  specs:
    hpricot (0.8.6)
    rack (1.2.1)
    rake (10.0.4)
    shotgun (0.8)
      rack (>= 1.0)
    sinatra (1.0)
      rack (>= 1.0)

PLATFORMS
  ruby

DEPENDENCIES
  hpricot
  rake
  shotgun (~> 0.8)
  sinatra (~> 1.0.0)
